GEM
  remote: https://rubygems.org/
  specs:
    tty-screen (0.8.1)

PLATFORMS
  x86_64-darwin-20

DEPENDENCIES
  tty-screen

RUBY VERSION
   ruby 3.0.0p0

BUNDLED WITH
   2.2.3
